GIT
  remote: git@github.com:avihil1/kona-ruby-logger.git
  revision: 68441c07d052ec3f34c10b16a71c9362cc6bb485
  branch: master
  specs:
    kona-logger (0.0.4)
      colorize

GEM
  remote: https://rubygems.org/
  specs:
    backports (3.4.0)
    colorize (0.6.0)
    multi_json (1.8.4)
    rack (1.5.2)
    rack-protection (1.5.1)
      rack
    rack-test (0.6.2)
      rack (>= 1.0)
    sinatra (1.4.4)
      rack (~> 1.4)
      rack-protection (~> 1.4)
      tilt (~> 1.3, >= 1.3.4)
    sinatra-contrib (1.4.2)
      backports (>= 2.0)
      multi_json
      rack-protection
      rack-test
      sinatra (~> 1.4.0)
      tilt (~> 1.3)
    tilt (1.4.1)

PLATFORMS
  ruby

DEPENDENCIES
  kona-logger!
  sinatra
  sinatra-contrib
